GEM
  remote: https://rubygems.org/
  specs:
    bagit (0.3.2)
      docopt (~> 0.5.0)
      validatable (~> 1.6)
    coderay (1.1.0)
    curb (0.8.8)
    ddr-antivirus (2.1.1)
    digest (3.0.0)
    docopt (0.5.0)
    json (1.8.3)
    method_source (0.8.2)
    mime-types (3.0)
      mime-types-data (~> 3.2015)
    mime-types-data (3.2015.1120)
    mini_portile2 (2.5.1)
    mysql2 (0.4.4)
    nokogiri (1.11.4)
      mini_portile2 (~> 2.5.0)
      racc (~> 1.4)
    openstack (1.1.2)
      json
    pry (0.8.3)
      coderay (>= 0.9.7)
      method_source (>= 0.4.0)
      ruby_parser (>= 2.0.5)
      slop (>= 1.5.3)
    racc (1.5.2)
    ruby_parser (3.7.2)
      sexp_processor (~> 4.1)
    sexp_processor (4.6.0)
    slop (3.6.0)
    validatable (1.6.7)

PLATFORMS
  ruby

DEPENDENCIES
  bagit
  curb
  ddr-antivirus
  digest
  mime-types
  mysql2
  nokogiri
  openstack
  pry
  slop (~> 3.0)
  validatable
